GEM
  remote: https://rubygems.org/
  specs:
    coderay (1.1.2)
    ffi (1.9.18)
    httparty (0.15.6)
      multi_xml (>= 0.5.2)
    json (2.1.0)
    listen (3.1.5)
      rb-fsevent (~> 0.9, >= 0.9.4)
      rb-inotify (~> 0.9, >= 0.9.7)
      ruby_dep (~> 1.2)
    method_source (0.8.2)
    multi_xml (0.6.0)
    mustermann (1.0.1)
    pry (0.11.0)
      coderay (~> 1.1.0)
      method_source (~> 0.8.1)
    rack (2.0.3)
    rack-protection (2.0.0)
      rack
    rake (12.1.0)
    rb-fsevent (0.10.2)
    rb-inotify (0.9.10)
      ffi (>= 0.5.0, < 2)
    rerun (0.11.0)
      listen (~> 3.0)
    ruby_dep (1.5.0)
    sinatra (2.0.0)
      mustermann (~> 1.0)
      rack (~> 2.0)
      rack-protection (= 2.0.0)
      tilt (~> 2.0)
    tilt (2.0.8)

PLATFORMS
  ruby

DEPENDENCIES
  httparty
  json
  pry
  rake
  rerun
  sinatra

RUBY VERSION
   ruby 2.3.5p376

BUNDLED WITH
   1.15.4
